{
	"Modality": "MR",
	"MagneticFieldStrength": 3,
	"Manufacturer": "Siemens",
	"ManufacturersModelName": "TrioTim",
	"InstitutionName": "Center_for_Information_and_Neural_Networks",
	"InstitutionalDepartmentName": "Department",
	"InstitutionAddress": "Street_StreetNo_B390A3_District_JP_ZIP",
	"DeviceSerialNumber": "35466",
	"StationName": "MRC35466",
	"PatientPosition": "HFS",
	"ProcedureStepDescription": "NICT_Nishimoto",
	"SoftwareVersions": "syngo_MR_B17",
	"MRAcquisitionType": "3D",
	"SeriesDescription": "t1_mpr_sag_p2_iso_1.0mm_SN",
	"ProtocolName": "t1_mpr_sag_p2_iso_1.0mm_SN",
	"ScanningSequence": "GR_IR",
	"SequenceVariant": "SP_MP",
	"ScanOptions": "IR",
	"SequenceName": "_tfl3d1rr_ns",
	"ImageType": ["ORIGINAL", "PRIMARY", "M", "ND", "NORM"],
	"SeriesNumber": 11,
	"AcquisitionTime": "16:22:55.135000",
	"AcquisitionNumber": 1,
	"SliceThickness": 1,
	"SAR": 0.0936226,
	"EchoTime": 0.00326,
	"RepetitionTime": 2.53,
	"InversionTime": 1.2,
	"FlipAngle": 9,
	"PartialFourier": 1,
	"BaseResolution": 256,
	"ShimSetting": [
		-298,
		-10126,
		-4037,
		60,
		-56,
		-541,
		93,
		21	],
	"TxRefAmp": 351.692,
	"PhaseResolution": 1,
	"ReceiveCoilName": "32Ch_Head",
	"PulseSequenceDetails": "%SiemensSeq%_tfl",
	"PercentPhaseFOV": 100,
	"PhaseEncodingSteps": 255,
	"AcquisitionMatrixPE": 256,
	"ReconMatrixPE": 256,
	"ParallelReductionFactorInPlane": 2,
	"PixelBandwidth": 199,
	"DwellTime": 9.8e-06,
	"ImageOrientationPatientDICOM": [
		-0.0888943,
		0.996041,
		2.37646e-08,
		0.0312864,
		0.00279226,
		-0.999507	],
	"InPlanePhaseEncodingDirectionDICOM": "ROW",
	"ConversionSoftware": "dcm2niix",
	"ConversionSoftwareVersion": "v1.0.20180918  GCC4.8.4"
}
