{"Modality":"MR","MagneticFieldStrength":3,"Manufacturer":"Siemens","ManufacturersModelName":"TrioTim","InstitutionName":"Center_for_Information_and_Neural_Networks","InstitutionalDepartmentName":"Department","InstitutionAddress":"Street_StreetNo_B390A3_District_JP_ZIP","DeviceSerialNumber":"35466","StationName":"MRC35466","PatientPosition":"HFS","ProcedureStepDescription":"NICT_Nishimoto","SoftwareVersions":"syngo_MR_B17","MRAcquisitionType":"2D","SeriesDescription":"mbep2d_MB4_TR1.5_2mm_PF6_410","ProtocolName":"mbep2d_MB4_TR1.5_2mm_PF6_410","ScanningSequence":"EP","SequenceVariant":"SK_SS","ScanOptions":"PFP_FS","SequenceName":"epfid2d1_96","ImageType":["ORIGINAL","PRIMARY","M","MB","ND","NORM","MOSAIC"],"SeriesNumber":7,"AcquisitionTime":"15:41:52.720000","AcquisitionNumber":1,"ImageComments":"Unaliased_MB4_PE3_(remote)","SliceThickness":2,"SpacingBetweenSlices":2,"SAR":0.170762,"EchoTime":0.03,"RepetitionTime":1.5,"FlipAngle":62,"PartialFourier":0.75,"BaseResolution":96,"ShimSetting":[-305,-10155,-3950,305,-26,-348,327,66],"TxRefAmp":353.257,"PhaseResolution":1,"ReceiveCoilName":"32Ch_Head","TaskName":"Training","SliceTiming":[0,0.79749999999,0.087499999990000007,0.88499999998,0.17749999999,0.97499999998,0.26499999998,1.0625,0.35499999998,1.1499999999900001,0.44249999998,1.2399999999900002,0.53,1.32749999998,0.62,1.41749999998,0.70749999999,0,0.79749999999,0.087499999990000007,0.88499999998,0.17749999999,0.97499999998,0.26499999998,1.0625,0.35499999998,1.1499999999900001,0.44249999998,1.2399999999900002,0.53,1.32749999998,0.62,1.41749999998,0.70749999999,0,0.79749999999,0.087499999990000007,0.88499999998,0.17749999999,0.97499999998,0.26499999998,1.0625,0.35499999998,1.1499999999900001,0.44249999998,1.2399999999900002,0.53,1.32749999998,0.62,1.41749999998,0.70749999999,0,0.79749999999,0.087499999990000007,0.88499999998,0.17749999999,0.97499999998,0.26499999998,1.0625,0.35499999998,1.1499999999900001,0.44249999998,1.2399999999900002,0.53,1.32749999998,0.62,1.41749999998,0.70749999999],"PhaseEncodingDirection":"j-","EffectiveEchoSpacing":0.000691085003455425}